GIT
  remote: https://github.com/boston-library/bpl-institution-management.git
  revision: abd23524df08ee00a52fb029218bef6411109b6a
  specs:
    bpl-institution-management (0.0.2)
      bootstrap_forms
      cancan

GIT
  remote: https://github.com/boston-library/bplmodels.git
  revision: c119605be824e0c76ccd8dc4d5ebbbe92ebd77dc
  specs:
    bplmodels (0.0.91)
      hydra-derivatives
      mods
      rails
      timeliness

GIT
  remote: https://github.com/boston-library/bpluser.git
  revision: c1b73a610f2ca07dbbd81a551527f6b5f45295f2
  specs:
    bpluser (0.0.3)
      bootstrap_forms
      hydra-role-management
      omniauth
      omniauth-facebook
      omniauth-ldap
      rails

GIT
  remote: https://github.com/boston-library/omniauth-polaris.git
  revision: d224ddb1d696df93136f7d6b6adda4c57704a641
  specs:
    omniauth-polaris (1.0.0)
      omniauth (~> 1.0)
      rest-client (~> 1.6.7)

GEM
  remote: https://rubygems.org/
  specs:
    actionmailer (4.0.3)
      actionpack (= 4.0.3)
      mail (~> 2.5.4)
    actionpack (4.0.3)
      activesupport (= 4.0.3)
      builder (~> 3.1.0)
      erubis (~> 2.7.0)
      rack (~> 1.5.2)
      rack-test (~> 0.6.2)
    active-fedora (7.0.2)
      activesupport (>= 3.0.0)
      deprecation
      linkeddata
      mediashelf-loggable
      nom-xml (>= 0.5.1)
      om (~> 3.0.0)
      rdf-rdfxml (~> 1.1.0)
      rsolr (~> 1.0.10.pre1)
      rubydora (~> 1.7.4)
    activemodel (4.0.3)
      activesupport (= 4.0.3)
      builder (~> 3.1.0)
    activerecord (4.0.3)
      activemodel (= 4.0.3)
      activerecord-deprecated_finders (~> 1.0.2)
      activesupport (= 4.0.3)
      arel (~> 4.0.0)
    activerecord-deprecated_finders (1.0.3)
    activesupport (4.0.3)
      i18n (~> 0.6, >= 0.6.4)
      minitest (~> 4.2)
      multi_json (~> 1.3)
      thread_safe (~> 0.1)
      tzinfo (~> 0.3.37)
    arel (4.0.2)
    bcrypt-ruby (3.1.2)
    blacklight (5.5.3)
      bootstrap-sass (~> 3.0)
      deprecation
      kaminari (~> 0.13)
      nokogiri (~> 1.6)
      rails (>= 3.2.6, < 5)
      rsolr (~> 1.0.6)
    blacklight-maps (0.3.0)
      blacklight (>= 5.1.0)
      bootstrap-sass (~> 3.0)
      leaflet-markercluster-rails
      leaflet-rails
      rails
    blacklight_advanced_search (5.1.0)
      blacklight (>= 5.2, < 6.0)
      parslet
    blankslate (2.1.2.4)
    block_helpers (0.3.3)
      activesupport (>= 2.0)
    bootstrap-sass (3.1.1.1)
      sass (~> 3.2)
    bootstrap_forms (4.0.1)
    builder (3.1.4)
    cancan (1.6.10)
    cancancan (1.7.1)
    capybara (2.2.1)
      mime-types (>= 1.16)
      nokogiri (>= 1.3.3)
      rack (>= 1.0.0)
      rack-test (>= 0.5.4)
      xpath (~> 2.0)
    capybara-webkit (1.3.0)
      capybara (>= 2.0.2, < 2.5.0)
      json
    childprocess (0.5.3)
      ffi (~> 1.0, >= 1.0.11)
    climate_control (0.0.3)
      activesupport (>= 3.0)
    cocaine (0.5.3)
      climate_control (>= 0.0.3, < 1.0)
    coffee-rails (4.0.1)
      coffee-script (>= 2.2.0)
      railties (>= 4.0.0, < 5.0)
    coffee-script (2.2.0)
      coffee-script-source
      execjs
    coffee-script-source (1.7.0)
    daemons (1.1.9)
    deprecation (0.1.0)
      activesupport
    devise (3.2.2)
      bcrypt-ruby (~> 3.0)
      orm_adapter (~> 0.1)
      railties (>= 3.2.6, < 5)
      thread_safe (~> 0.1)
      warden (~> 1.2.3)
    devise-guests (0.3.3)
      devise
    diff-lcs (1.2.5)
    ebnf (0.3.6)
      haml (~> 4.0)
      rdf (~> 1.1)
      sxp (~> 0.1, >= 0.1.3)
    equivalent-xml (0.4.2)
      nokogiri (>= 1.4.3)
    erubis (2.7.0)
    ethon (0.6.3)
      ffi (>= 1.3.0)
      mime-types (~> 1.18)
    execjs (2.0.2)
    faraday (0.9.0)
      multipart-post (>= 1.2, < 3)
    fastercsv (1.5.5)
    ffi (1.9.3)
    font-awesome-sass (4.1.0)
      sass (~> 3.2)
    haml (4.0.5)
      tilt
    hashie (2.0.5)
    hike (1.2.3)
    hooks (0.3.6)
      uber (~> 0.0.4)
    htmlentities (4.3.1)
    hydra-access-controls (7.0.0)
      active-fedora (~> 7.0.0)
      activesupport
      blacklight (~> 5.3)
      cancancan
      deprecation
      sass-rails
    hydra-core (7.0.0)
      block_helpers
      hydra-access-controls (= 7.0.0)
      jettywrapper (>= 1.4.1)
      rails (>= 3.2.3, < 5)
    hydra-derivatives (0.1.0)
      active-fedora
      activesupport (>= 3.2.13, < 5.0)
      hydra-file_characterization
      mini_magick
    hydra-file_characterization (0.3.1)
      activesupport (>= 3.0.0)
    hydra-head (7.0.0)
      hydra-access-controls (= 7.0.0)
      hydra-core (= 7.0.0)
      rails (>= 3.2.6)
    hydra-ldap (0.1.0)
      net-ldap
      rails
    hydra-role-management (0.1.0)
      bootstrap_forms
      cancan
    i18n (0.6.9)
    iso-639 (0.2.5)
    jettywrapper (1.7.0)
      activesupport (>= 3.0.0)
      childprocess
      i18n
      logger
      mediashelf-loggable
    jquery-rails (3.1.0)
      railties (>= 3.0, < 5.0)
      thor (>= 0.14, < 2.0)
    json (1.8.1)
    json-ld (1.1.3.1)
      rdf (~> 1.1)
    jwt (0.1.11)
      multi_json (>= 1.5)
    kaminari (0.16.1)
      actionpack (>= 3.0.0)
      activesupport (>= 3.0.0)
    leaflet-markercluster-rails (0.7.0)
      railties (>= 3.1)
    leaflet-rails (0.7.4)
    libv8 (3.16.14.3)
    linkeddata (1.1.1)
      equivalent-xml (>= 0.4.0)
      json-ld (>= 1.1.1)
      nokogiri (>= 1.6.1)
      rdf (>= 1.1.1)
      rdf-aggregate-repo (>= 1.1.0)
      rdf-isomorphic (>= 1.1.0)
      rdf-json (>= 1.1.0)
      rdf-microdata (>= 1.1.1)
      rdf-n3 (>= 1.1.0)
      rdf-rdfa (>= 1.1.1)
      rdf-rdfxml (>= 1.1.0)
      rdf-trig (>= 1.1.2)
      rdf-trix (>= 1.1.0)
      rdf-turtle (>= 1.1.2)
      sparql (>= 1.1.2)
      sparql-client (>= 1.1.1)
    logger (1.2.8)
    mail (2.5.4)
      mime-types (~> 1.16)
      treetop (~> 1.4.8)
    mediashelf-loggable (0.4.9)
    mime-types (1.25.1)
    mini_magick (3.7.0)
      subexec (~> 0.2.1)
    mini_portile (0.5.3)
    minitest (4.7.5)
    mods (2.0.1)
      iso-639
      nokogiri
      nom-xml
    multi_json (1.10.0)
    multi_xml (0.5.5)
    multipart-post (2.0.0)
    net-http-persistent (2.9.4)
    net-ldap (0.3.1)
    nokogiri (1.6.1)
      mini_portile (~> 0.5.0)
    nom-xml (0.5.1)
      activesupport
      i18n
      nokogiri
    oauth2 (0.9.3)
      faraday (>= 0.8, < 0.10)
      jwt (~> 0.1.8)
      multi_json (~> 1.3)
      multi_xml (~> 0.5)
      rack (~> 1.2)
    om (3.0.4)
      activemodel
      activesupport
      deprecation
      mediashelf-loggable
      nokogiri (>= 1.4.2)
      solrizer (~> 3.1.0)
    omniauth (1.2.1)
      hashie (>= 1.2, < 3)
      rack (~> 1.0)
    omniauth-facebook (1.6.0)
      omniauth-oauth2 (~> 1.1)
    omniauth-ldap (1.0.4)
      net-ldap (~> 0.3.1)
      omniauth (~> 1.0)
      pyu-ruby-sasl (~> 0.0.3.1)
      rubyntlm (~> 0.1.1)
    omniauth-oauth2 (1.1.2)
      faraday (>= 0.8, < 0.10)
      multi_json (~> 1.3)
      oauth2 (~> 0.9.3)
      omniauth (~> 1.2)
    orm_adapter (0.5.0)
    paperclip (4.1.0)
      activemodel (>= 3.0.0)
      activesupport (>= 3.0.0)
      cocaine (~> 0.5.3)
      mime-types
    parslet (1.6.1)
      blankslate (~> 2.0)
    pg (0.17.1)
    polyglot (0.3.4)
    pyu-ruby-sasl (0.0.3.3)
    rack (1.5.2)
    rack-test (0.6.2)
      rack (>= 1.0)
    rails (4.0.3)
      actionmailer (= 4.0.3)
      actionpack (= 4.0.3)
      activerecord (= 4.0.3)
      activesupport (= 4.0.3)
      bundler (>= 1.3.0, < 2.0)
      railties (= 4.0.3)
      sprockets-rails (~> 2.0.0)
    railties (4.0.3)
      actionpack (= 4.0.3)
      activesupport (= 4.0.3)
      rake (>= 0.8.7)
      thor (>= 0.18.1, < 2.0)
    rake (10.3.1)
    rdf (1.1.3)
    rdf-aggregate-repo (1.1.0)
      rdf (>= 1.1)
    rdf-isomorphic (1.1.0)
      rdf (>= 1.1)
    rdf-json (1.1.0)
      rdf (>= 1.1.0)
    rdf-microdata (1.1.1.1)
      htmlentities (~> 4.3)
      nokogiri (~> 1.6)
      rdf (~> 1.1)
      rdf-xsd (~> 1.1)
    rdf-n3 (1.1.0.1)
      rdf (~> 1.1)
    rdf-rdfa (1.1.3.1)
      haml (~> 4.0)
      htmlentities (~> 4.3)
      rdf (~> 1.1)
      rdf-xsd (~> 1.1)
    rdf-rdfxml (1.1.0.1)
      rdf (~> 1.1)
      rdf-rdfa (~> 1.1)
      rdf-xsd (~> 1.1)
    rdf-trig (1.1.3.1)
      ebnf (~> 0.3, >= 0.3.5)
      rdf (~> 1.1, >= 1.1.2.1)
      rdf-turtle (~> 1.1, >= 1.1.3)
    rdf-trix (1.1.0)
      rdf (>= 1.1)
    rdf-turtle (1.1.3.1)
      ebnf (~> 0.3, >= 0.3.6)
      rdf (~> 1.1, >= 1.1.3)
    rdf-xsd (1.1.0)
      rdf (>= 1.1)
    ref (1.0.5)
    rest-client (1.6.7)
      mime-types (>= 1.16)
    rsolr (1.0.10)
      builder (>= 2.1.2)
    rspec (2.14.1)
      rspec-core (~> 2.14.0)
      rspec-expectations (~> 2.14.0)
      rspec-mocks (~> 2.14.0)
    rspec-core (2.14.7)
    rspec-expectations (2.14.5)
      diff-lcs (>= 1.1.3, < 2.0)
    rspec-mocks (2.14.5)
    rspec-rails (2.14.1)
      actionpack (>= 3.0)
      activemodel (>= 3.0)
      activesupport (>= 3.0)
      railties (>= 3.0)
      rspec-core (~> 2.14.0)
      rspec-expectations (~> 2.14.0)
      rspec-mocks (~> 2.14.0)
    rubydora (1.7.4)
      activemodel
      activesupport
      deprecation
      equivalent-xml
      fastercsv
      hooks (~> 0.3.0)
      mime-types
      nokogiri
      rest-client
    rubyntlm (0.1.1)
    sass (3.2.19)
    sass-rails (4.0.3)
      railties (>= 4.0.0, < 5.0)
      sass (~> 3.2.0)
      sprockets (~> 2.8, <= 2.11.0)
      sprockets-rails (~> 2.0)
    solrizer (3.1.1)
      activesupport
      daemons
      mediashelf-loggable (~> 0.4.7)
      nokogiri
      stomp
      xml-simple
    sparql (1.1.2.1)
      builder (>= 3.0)
      ebnf (>= 0.3.2)
      json (>= 1.7)
      rdf (>= 1.1.0)
      rdf-aggregate-repo (>= 1.1.0)
      rdf-xsd (>= 1.0.2)
      sparql-client (>= 1.1)
      sxp (>= 0.1.3)
    sparql-client (1.1.1)
      json (>= 1.8)
      net-http-persistent (>= 1.4)
      rdf (>= 1.1)
    sprockets (2.11.0)
      hike (~> 1.2)
      multi_json (~> 1.0)
      rack (~> 1.0)
      tilt (~> 1.1, != 1.3.0)
    sprockets-rails (2.0.1)
      actionpack (>= 3.0)
      activesupport (>= 3.0)
      sprockets (~> 2.8)
    sqlite3 (1.3.8)
    stomp (1.3.2)
    subexec (0.2.3)
    sxp (0.1.5)
    therubyracer (0.12.1)
      libv8 (~> 3.16.14.0)
      ref
    thor (0.19.1)
    thread_safe (0.3.3)
    tilt (1.4.1)
    timeliness (0.3.7)
    treetop (1.4.15)
      polyglot
      polyglot (>= 0.3.1)
    typhoeus (0.6.7)
      ethon (~> 0.6.2)
    tzinfo (0.3.39)
    uber (0.0.4)
    uglifier (2.4.0)
      execjs (>= 0.3.0)
      json (>= 1.8.0)
    unicode (0.4.4.1)
    warden (1.2.3)
      rack (>= 1.0)
    xml-simple (1.1.3)
    xpath (2.0.0)
      nokogiri (~> 1.3)

PLATFORMS
  ruby

DEPENDENCIES
  blacklight (= 5.5.3)
  blacklight-maps (= 0.3.0)
  blacklight_advanced_search (= 5.1.0)
  bootstrap-sass (~> 3.0)
  bootstrap_forms
  bpl-institution-management!
  bplmodels!
  bpluser!
  capybara
  capybara-webkit
  coffee-rails (~> 4.0.1)
  devise
  devise-guests (~> 0.3)
  execjs
  font-awesome-sass
  hydra-derivatives
  hydra-head (= 7.0.0)
  hydra-ldap
  hydra-role-management
  jquery-rails
  libv8 (~> 3.16.14.3)
  omniauth
  omniauth-facebook
  omniauth-ldap
  omniauth-polaris!
  paperclip
  pg
  rails (= 4.0.3)
  rspec
  rspec-rails
  sass-rails (~> 4.0.1)
  sqlite3
  therubyracer
  typhoeus
  tzinfo
  uglifier (>= 1.3.0)
  unicode
