PATH
  remote: /home/eenglish/boston-library/commonwealth-vlr-engine
  specs:
    commonwealth-vlr-engine (0.0.1)
      blacklight (~> 5.13.1)
      blacklight-gallery (= 0.4.0)
      blacklight-maps (= 0.3.3)
      blacklight_advanced_search (= 5.1.4)
      bootstrap-sass (~> 3.0)
      bootstrap_forms
      bpl-institution-management
      bplmodels
      bpluser
      devise (~> 3.4.1)
      devise-guests (~> 0.3)
      execjs
      font-awesome-sass (= 4.1.0)
      hydra-derivatives
      hydra-head (= 7.0.0)
      hydra-role-management (= 0.1.0)
      omniauth
      omniauth-facebook
      omniauth-ldap
      omniauth-polaris
      rails (~> 4.2.0)
      typhoeus
      tzinfo
      unicode

GEM
  remote: https://rubygems.org/
  specs:
    actionmailer (4.2.0)
      actionpack (= 4.2.0)
      actionview (= 4.2.0)
      activejob (= 4.2.0)
      mail (~> 2.5, >= 2.5.4)
      rails-dom-testing (~> 1.0, >= 1.0.5)
    actionpack (4.2.0)
      actionview (= 4.2.0)
      activesupport (= 4.2.0)
      rack (~> 1.6.0)
      rack-test (~> 0.6.2)
      rails-dom-testing (~> 1.0, >= 1.0.5)
      rails-html-sanitizer (~> 1.0, >= 1.0.1)
    actionview (4.2.0)
      activesupport (= 4.2.0)
      builder (~> 3.1)
      erubis (~> 2.7.0)
      rails-dom-testing (~> 1.0, >= 1.0.5)
      rails-html-sanitizer (~> 1.0, >= 1.0.1)
    active-fedora (7.0.4)
      activesupport (>= 3.0.0)
      deprecation
      linkeddata
      mediashelf-loggable
      nom-xml (>= 0.5.1)
      om (~> 3.0.0)
      rdf-rdfxml (~> 1.1.0)
      rsolr (~> 1.0.10.pre1)
      rubydora (~> 1.7.4)
    activejob (4.2.0)
      activesupport (= 4.2.0)
      globalid (>= 0.3.0)
    activemodel (4.2.0)
      activesupport (= 4.2.0)
      builder (~> 3.1)
    activerecord (4.2.0)
      activemodel (= 4.2.0)
      activesupport (= 4.2.0)
      arel (~> 6.0)
    activesupport (4.2.0)
      i18n (~> 0.7)
      json (~> 1.7, >= 1.7.7)
      minitest (~> 5.1)
      thread_safe (~> 0.3, >= 0.3.4)
      tzinfo (~> 1.1)
    addressable (2.3.8)
    arel (6.0.0)
    autoprefixer-rails (5.2.0)
      execjs
      json
    bcp47 (0.3.3)
      i18n
    bcrypt (3.1.10)
    blacklight (5.13.1)
      bootstrap-sass (~> 3.2)
      deprecation
      kaminari (>= 0.15)
      nokogiri (~> 1.6)
      rails (>= 3.2.6, < 5)
      rsolr (~> 1.0.11)
    blacklight-gallery (0.4.0)
      blacklight (~> 5.12)
      bootstrap-sass (~> 3.0)
      openseadragon (>= 0.2.0)
      rails
    blacklight-maps (0.3.3)
      blacklight (>= 5.1.0)
      bootstrap-sass (~> 3.0)
      leaflet-markercluster-rails
      leaflet-rails
      rails
    blacklight_advanced_search (5.1.4)
      blacklight (~> 5.10)
      parslet
    blankslate (3.1.3)
    block_helpers (0.3.3)
      activesupport (>= 2.0)
    bootstrap-sass (3.3.4.1)
      autoprefixer-rails (>= 5.0.0.1)
      sass (>= 3.2.19)
    bootstrap_forms (4.0.1)
    bpl-institution-management (0.0.2)
      bootstrap_forms
      cancan
    bplmodels (0.0.91)
      hydra-derivatives
      mods
      rails
      timeliness
    bpluser (0.0.3)
      bootstrap_forms
      hydra-role-management
      omniauth
      omniauth-facebook
      omniauth-ldap
      rails
    builder (3.2.2)
    cancan (1.6.10)
    cancancan (1.10.1)
    capybara (2.2.1)
      mime-types (>= 1.16)
      nokogiri (>= 1.3.3)
      rack (>= 1.0.0)
      rack-test (>= 0.5.4)
      xpath (~> 2.0)
    capybara-webkit (1.3.0)
      capybara (>= 2.0.2, < 2.5.0)
      json
    childprocess (0.5.6)
      ffi (~> 1.0, >= 1.0.11)
    coffee-rails (4.0.1)
      coffee-script (>= 2.2.0)
      railties (>= 4.0.0, < 5.0)
    coffee-script (2.2.0)
      coffee-script-source
      execjs
    coffee-script-source (1.7.0)
    daemons (1.2.2)
    deprecation (0.2.2)
      activesupport
    devise (3.4.1)
      bcrypt (~> 3.0)
      orm_adapter (~> 0.1)
      railties (>= 3.2.6, < 5)
      responders
      thread_safe (~> 0.1)
      warden (~> 1.2.3)
    devise-guests (0.3.3)
      devise
    diff-lcs (1.2.5)
    ebnf (0.3.9)
      rdf (~> 1.1)
      sxp (~> 0.1, >= 0.1.3)
    equivalent-xml (0.6.0)
      nokogiri (>= 1.4.3)
    erubis (2.7.0)
    ethon (0.7.3)
      ffi (>= 1.3.0)
    execjs (2.5.2)
    faraday (0.9.1)
      multipart-post (>= 1.2, < 3)
    fastercsv (1.5.5)
    ffi (1.9.8)
    font-awesome-sass (4.1.0)
      sass (~> 3.2)
    globalid (0.3.5)
      activesupport (>= 4.1.0)
    haml (4.0.6)
      tilt
    hashie (3.4.2)
    hike (1.2.3)
    hooks (0.3.6)
      uber (~> 0.0.4)
    htmlentities (4.3.3)
    hydra-access-controls (7.0.0)
      active-fedora (~> 7.0.0)
      activesupport
      blacklight (~> 5.3)
      cancancan
      deprecation
      sass-rails
    hydra-core (7.0.0)
      block_helpers
      hydra-access-controls (= 7.0.0)
      jettywrapper (>= 1.4.1)
      rails (>= 3.2.3, < 5)
    hydra-derivatives (0.1.1)
      active-fedora
      activesupport (>= 3.2.13, < 5.0)
      hydra-file_characterization
      mini_magick
    hydra-file_characterization (0.3.1)
      activesupport (>= 3.0.0)
    hydra-head (7.0.0)
      hydra-access-controls (= 7.0.0)
      hydra-core (= 7.0.0)
      rails (>= 3.2.6)
    hydra-role-management (0.1.0)
      bootstrap_forms
      cancan
    i18n (0.7.0)
    iso-639 (0.2.5)
    jettywrapper (2.0.3)
      activesupport (>= 3.0.0)
      childprocess
      i18n
      logger
      rubyzip
    jquery-rails (3.1.0)
      railties (>= 3.0, < 5.0)
      thor (>= 0.14, < 2.0)
    json (1.8.3)
    json-ld (1.1.8)
      rdf (~> 1.1, >= 1.1.7)
    jwt (1.5.0)
    kaminari (0.16.3)
      actionpack (>= 3.0.0)
      activesupport (>= 3.0.0)
    leaflet-markercluster-rails (0.7.0)
      railties (>= 3.1)
    leaflet-rails (0.7.4)
    libv8 (3.16.14.3)
    link_header (0.0.8)
    linkeddata (1.1.11)
      equivalent-xml (~> 0.5)
      json-ld (~> 1.1, >= 1.1.8)
      nokogiri (~> 1.6)
      rdf (~> 1.1, >= 1.1.11)
      rdf-aggregate-repo (~> 1.1)
      rdf-isomorphic (~> 1.1)
      rdf-json (~> 1.1, >= 1.1.2)
      rdf-microdata (~> 2.0, >= 2.0.1)
      rdf-n3 (~> 1.1, >= 1.1.3)
      rdf-rdfa (~> 1.1, >= 1.1.6)
      rdf-rdfxml (~> 1.1, >= 1.1.4)
      rdf-reasoner (~> 0.2, >= 0.2.1)
      rdf-tabular (~> 0.1, >= 0.1.2)
      rdf-trig (~> 1.1, >= 1.1.4)
      rdf-trix (~> 1.1)
      rdf-turtle (~> 1.1, >= 1.1.6)
      rdf-vocab (~> 0.8)
      rdf-xsd (~> 1.1, >= 1.1.3)
      sparql (~> 1.1, >= 1.1.5)
      sparql-client (~> 1.1, >= 1.1.3)
    logger (1.2.8)
    loofah (2.0.2)
      nokogiri (>= 1.5.9)
    mail (2.6.3)
      mime-types (>= 1.16, < 3)
    mediashelf-loggable (0.4.10)
    mime-types (1.25.1)
    mini_magick (4.2.7)
    mini_portile (0.6.2)
    minitest (5.7.0)
    mods (2.0.3)
      iso-639
      nokogiri
      nom-xml (~> 0.5.2)
    multi_json (1.11.0)
    multi_xml (0.5.5)
    multipart-post (2.0.0)
    net-http-persistent (2.9.4)
    net-ldap (0.3.1)
    nokogiri (1.6.6.2)
      mini_portile (~> 0.6.0)
    nom-xml (0.5.2)
      activesupport (>= 3.2.18)
      i18n
      nokogiri
    oauth2 (1.0.0)
      faraday (>= 0.8, < 0.10)
      jwt (~> 1.0)
      multi_json (~> 1.3)
      multi_xml (~> 0.5)
      rack (~> 1.2)
    om (3.0.7)
      activemodel
      activesupport
      deprecation
      mediashelf-loggable
      nokogiri (>= 1.4.2)
      solrizer (~> 3.1.0)
    omniauth (1.2.2)
      hashie (>= 1.2, < 4)
      rack (~> 1.0)
    omniauth-facebook (2.0.1)
      omniauth-oauth2 (~> 1.2)
    omniauth-ldap (1.0.4)
      net-ldap (~> 0.3.1)
      omniauth (~> 1.0)
      pyu-ruby-sasl (~> 0.0.3.1)
      rubyntlm (~> 0.1.1)
    omniauth-oauth2 (1.3.0)
      oauth2 (~> 1.0)
      omniauth (~> 1.2)
    omniauth-polaris (1.0.0)
      omniauth (~> 1.0)
      rest-client (~> 1.6.7)
    openseadragon (0.2.0)
      rails (> 3.2.0)
    orm_adapter (0.5.0)
    parslet (1.7.0)
      blankslate (>= 2.0, <= 4.0)
    pg (0.17.1)
    pyu-ruby-sasl (0.0.3.3)
    quiet_assets (1.1.0)
      railties (>= 3.1, < 5.0)
    rack (1.6.1)
    rack-test (0.6.3)
      rack (>= 1.0)
    rails (4.2.0)
      actionmailer (= 4.2.0)
      actionpack (= 4.2.0)
      actionview (= 4.2.0)
      activejob (= 4.2.0)
      activemodel (= 4.2.0)
      activerecord (= 4.2.0)
      activesupport (= 4.2.0)
      bundler (>= 1.3.0, < 2.0)
      railties (= 4.2.0)
      sprockets-rails
    rails-deprecated_sanitizer (1.0.3)
      activesupport (>= 4.2.0.alpha)
    rails-dom-testing (1.0.6)
      activesupport (>= 4.2.0.beta, < 5.0)
      nokogiri (~> 1.6.0)
      rails-deprecated_sanitizer (>= 1.0.1)
    rails-html-sanitizer (1.0.2)
      loofah (~> 2.0)
    railties (4.2.0)
      actionpack (= 4.2.0)
      activesupport (= 4.2.0)
      rake (>= 0.8.7)
      thor (>= 0.18.1, < 2.0)
    rake (10.4.2)
    rdf (1.1.14)
      link_header (~> 0.0, >= 0.0.8)
    rdf-aggregate-repo (1.1.0)
      rdf (>= 1.1)
    rdf-isomorphic (1.1.0)
      rdf (>= 1.1)
    rdf-json (1.1.2)
      rdf (~> 1.1)
    rdf-microdata (2.0.1)
      htmlentities (~> 4.3)
      nokogiri (~> 1.6)
      rdf (~> 1.1)
      rdf-xsd (~> 1.1)
    rdf-n3 (1.1.3)
      rdf (~> 1.1, >= 1.1.5)
    rdf-rdfa (1.1.6)
      haml (~> 4.0)
      htmlentities (~> 4.3)
      rdf (~> 1.1, >= 1.1.6)
      rdf-aggregate-repo (~> 1.1)
      rdf-xsd (~> 1.1)
    rdf-rdfxml (1.1.4)
      htmlentities (~> 4.3)
      rdf (~> 1.1, >= 1.1.6)
      rdf-rdfa (~> 1.1, >= 1.1.4.1)
      rdf-xsd (~> 1.1)
    rdf-reasoner (0.2.2)
      rdf (~> 1.1, >= 1.1.4.2)
      rdf-turtle (~> 1.1)
      rdf-vocab (~> 0.8)
      rdf-xsd (~> 1.1)
    rdf-tabular (0.1.3.1)
      addressable (~> 2.3)
      bcp47 (~> 0.3, >= 0.3.3)
      json-ld (~> 1.1)
      rdf (~> 1.1, >= 1.1.7)
      rdf-xsd (~> 1.1)
    rdf-trig (1.1.4)
      ebnf (~> 0.3, >= 0.3.7)
      rdf (~> 1.1, >= 1.1.11)
      rdf-turtle (~> 1.1, >= 1.1.6)
    rdf-trix (1.1.0)
      rdf (>= 1.1)
    rdf-turtle (1.1.7)
      ebnf (~> 0.3, >= 0.3.6)
      rdf (~> 1.1, >= 1.1.10)
    rdf-vocab (0.8.3)
      rdf (~> 1.1, >= 1.1.10)
    rdf-xsd (1.1.3)
      rdf (~> 1.1, >= 1.1.9)
    ref (1.0.5)
    responders (2.1.0)
      railties (>= 4.2.0, < 5)
    rest-client (1.6.9)
      mime-types (~> 1.16)
    rsolr (1.0.12)
      builder (>= 2.1.2)
    rspec (3.2.0)
      rspec-core (~> 3.2.0)
      rspec-expectations (~> 3.2.0)
      rspec-mocks (~> 3.2.0)
    rspec-core (3.2.3)
      rspec-support (~> 3.2.0)
    rspec-expectations (3.2.1)
      diff-lcs (>= 1.2.0, < 2.0)
      rspec-support (~> 3.2.0)
    rspec-mocks (3.2.1)
      diff-lcs (>= 1.2.0, < 2.0)
      rspec-support (~> 3.2.0)
    rspec-rails (3.2.1)
      actionpack (>= 3.0, < 4.3)
      activesupport (>= 3.0, < 4.3)
      railties (>= 3.0, < 4.3)
      rspec-core (~> 3.2.0)
      rspec-expectations (~> 3.2.0)
      rspec-mocks (~> 3.2.0)
      rspec-support (~> 3.2.0)
    rspec-support (3.2.2)
    rubydora (1.7.5)
      activemodel
      activesupport
      deprecation
      equivalent-xml
      fastercsv
      hooks (~> 0.3.0)
      mime-types
      nokogiri
      rest-client
    rubyntlm (0.1.1)
    rubyzip (1.1.7)
    sass (3.2.19)
    sass-rails (4.0.5)
      railties (>= 4.0.0, < 5.0)
      sass (~> 3.2.2)
      sprockets (~> 2.8, < 3.0)
      sprockets-rails (~> 2.0)
    solrizer (3.1.1)
      activesupport
      daemons
      mediashelf-loggable (~> 0.4.7)
      nokogiri
      stomp
      xml-simple
    sparql (1.1.7)
      builder (~> 3.2)
      ebnf (~> 0.3, >= 0.3.9)
      rdf (~> 1.1, >= 1.1.13)
      rdf-aggregate-repo (~> 1.1, >= 1.1.0)
      rdf-xsd (~> 1.1)
      sparql-client (~> 1.1)
      sxp (~> 0.1)
    sparql-client (1.1.5)
      net-http-persistent (~> 2.9)
      rdf (~> 1.1)
    sprockets (2.12.3)
      hike (~> 1.2)
      multi_json (~> 1.0)
      rack (~> 1.0)
      tilt (~> 1.1, != 1.3.0)
    sprockets-rails (2.3.1)
      actionpack (>= 3.0)
      activesupport (>= 3.0)
      sprockets (>= 2.8, < 4.0)
    sqlite3 (1.3.8)
    stomp (1.3.4)
    sxp (0.1.5)
    therubyracer (0.12.1)
      libv8 (~> 3.16.14.0)
      ref
    thor (0.19.1)
    thread_safe (0.3.5)
    tilt (1.4.1)
    timeliness (0.3.7)
    typhoeus (0.7.1)
      ethon (>= 0.7.1)
    tzinfo (1.2.2)
      thread_safe (~> 0.1)
    uber (0.0.13)
    uglifier (2.4.0)
      execjs (>= 0.3.0)
      json (>= 1.8.0)
    unicode (0.4.4.2)
    warden (1.2.3)
      rack (>= 1.0)
    xml-simple (1.1.5)
    xpath (2.0.0)
      nokogiri (~> 1.3)

PLATFORMS
  ruby

DEPENDENCIES
  blacklight (= 5.13.1)
  capybara
  capybara-webkit
  coffee-rails (~> 4.0.1)
  commonwealth-vlr-engine!
  jquery-rails
  libv8 (~> 3.16.14.3)
  pg
  quiet_assets
  rails (= 4.2.0)
  rspec (~> 3.2.0)
  rspec-rails (~> 3.2.0)
  sass-rails (~> 4.0.1)
  sqlite3
  therubyracer
  uglifier (>= 1.3.0)
