GIT
  remote: https://github.com/boston-library/bpluser.git
  revision: ab607097cf8622279fef1ff425d7731c5ac2e875
  specs:
    bpluser (0.1.19)
      blacklight (~> 7.8)
      devise (~> 4.7.0)
      devise-guests (= 0.7.0)
      hydra-ldap (= 0.1.0)
      omniauth (~> 1.8.1)
      omniauth-facebook (= 5.0.0)
      omniauth-ldap (= 2.0.0)
      omniauth-polaris (= 1.0.5)
      rails (~> 6.0.3)

GIT
  remote: https://github.com/boston-library/commonwealth-vlr-engine.git
  revision: d4847a573da2935fb3165b7a779fbc2622fb664b
  specs:
    commonwealth-vlr-engine (0.1.0)
      blacklight (~> 7.13.2)
      blacklight-gallery (~> 2.1.0)
      blacklight-maps (~> 1.1.0)
      blacklight_advanced_search (~> 7.0.0)
      blacklight_iiif_search (~> 2.0)
      blacklight_range_limit (>= 7.8.2, < 8.0)
      faraday (= 0.15.4)
      font-awesome-sass (~> 5.0)
      iiif-presentation (~> 0.2.0)
      madison (~> 0.5.0)
      rails (~> 6.0.3)
      rsolr (>= 1.0, < 3)
      typhoeus (~> 1.3)
      unicode (~> 0.4.4)
      zipline (~> 1.3.1)

GEM
  remote: https://rubygems.org/
  specs:
    actioncable (6.0.5)
      actionpack (= 6.0.5)
      nio4r (~> 2.0)
      websocket-driver (>= 0.6.1)
    actionmailbox (6.0.5)
      actionpack (= 6.0.5)
      activejob (= 6.0.5)
      activerecord (= 6.0.5)
      activestorage (= 6.0.5)
      activesupport (= 6.0.5)
      mail (>= 2.7.1)
    actionmailer (6.0.5)
      actionpack (= 6.0.5)
      actionview (= 6.0.5)
      activejob (= 6.0.5)
      mail (~> 2.5, >= 2.5.4)
      rails-dom-testing (~> 2.0)
    actionpack (6.0.5)
      actionview (= 6.0.5)
      activesupport (= 6.0.5)
      rack (~> 2.0, >= 2.0.8)
      rack-test (>= 0.6.3)
      rails-dom-testing (~> 2.0)
      rails-html-sanitizer (~> 1.0, >= 1.2.0)
    actiontext (6.0.5)
      actionpack (= 6.0.5)
      activerecord (= 6.0.5)
      activestorage (= 6.0.5)
      activesupport (= 6.0.5)
      nokogiri (>= 1.8.5)
    actionview (6.0.5)
      activesupport (= 6.0.5)
      builder (~> 3.1)
      erubi (~> 1.4)
      rails-dom-testing (~> 2.0)
      rails-html-sanitizer (~> 1.1, >= 1.2.0)
    activejob (6.0.5)
      activesupport (= 6.0.5)
      globalid (>= 0.3.6)
    activemodel (6.0.5)
      activesupport (= 6.0.5)
    activerecord (6.0.5)
      activemodel (= 6.0.5)
      activesupport (= 6.0.5)
    activestorage (6.0.5)
      actionpack (= 6.0.5)
      activejob (= 6.0.5)
      activerecord (= 6.0.5)
      marcel (~> 1.0)
    activesupport (6.0.5)
      concurrent-ruby (~> 1.0, >= 1.0.2)
      i18n (>= 0.7, < 2)
      minitest (~> 5.1)
      tzinfo (~> 1.1)
      zeitwerk (~> 2.2, >= 2.2.2)
    addressable (2.8.0)
      public_suffix (>= 2.0.2, < 5.0)
    ast (2.4.2)
    autoprefixer-rails (10.4.7.0)
      execjs (~> 2)
    awesome_print (1.9.2)
    bcrypt (3.1.18)
    blacklight (7.13.2)
      deprecation
      globalid
      jbuilder (~> 2.7)
      kaminari (>= 0.15)
      rails (>= 5.1, < 7)
      view_component
    blacklight-gallery (2.1.0)
      blacklight (~> 7.7)
      bootstrap (~> 4.0)
      openseadragon (>= 0.2.0)
      rails (>= 5.1, < 7)
    blacklight-maps (1.1.0)
      blacklight (>= 7.8.0, < 8)
      rails (>= 5.1, < 7)
    blacklight_advanced_search (7.0.0)
      blacklight (~> 7.0)
      parslet
    blacklight_iiif_search (2.0.0)
      blacklight (~> 7.0)
      iiif-presentation
      rails (>= 5.1, < 7)
    blacklight_range_limit (7.9.1)
      blacklight (~> 7.0)
    bootstrap (4.6.1)
      autoprefixer-rails (>= 9.1.0)
      popper_js (>= 1.14.3, < 2)
      sassc-rails (>= 2.0.0)
    builder (3.2.4)
    capybara (3.36.0)
      addressable
      matrix
      mini_mime (>= 0.1.3)
      nokogiri (~> 1.8)
      rack (>= 1.6.0)
      rack-test (>= 0.6.3)
      regexp_parser (>= 1.5, < 3.0)
      xpath (~> 3.2)
    childprocess (3.0.0)
    coderay (1.1.3)
    concurrent-ruby (1.1.10)
    coveralls (0.8.23)
      json (>= 1.8, < 3)
      simplecov (~> 0.16.1)
      term-ansicolor (~> 1.3)
      thor (>= 0.19.4, < 2.0)
      tins (~> 1.6)
    crass (1.0.6)
    deprecation (1.1.0)
      activesupport
    devise (4.7.3)
      bcrypt (~> 3.0)
      orm_adapter (~> 0.1)
      railties (>= 4.1.0)
      responders
      warden (~> 1.2.3)
    devise-guests (0.7.0)
      devise
    diff-lcs (1.5.0)
    docile (1.4.0)
    domain_name (0.5.20190701)
      unf (>= 0.0.5, < 1.0.0)
    dotenv (2.7.6)
    dotenv-rails (2.7.6)
      dotenv (= 2.7.6)
      railties (>= 3.2)
    erubi (1.10.0)
    ethon (0.15.0)
      ffi (>= 1.15.0)
    execjs (2.8.1)
    faraday (0.15.4)
      multipart-post (>= 1.2, < 3)
    ffi (1.15.5)
    font-awesome-sass (5.15.1)
      sassc (>= 1.11)
    globalid (1.0.0)
      activesupport (>= 5.0)
    hashie (3.5.7)
    http-cookie (1.0.5)
      domain_name (~> 0.5)
    hydra-ldap (0.1.0)
      net-ldap
      rails
    i18n (1.10.0)
      concurrent-ruby (~> 1.0)
    iiif-presentation (0.2.0)
      activesupport (>= 3.2.18)
      faraday (>= 0.9)
      json
    interception (0.5)
    jaro_winkler (1.5.4)
    jbuilder (2.11.5)
      actionview (>= 5.0.0)
      activesupport (>= 5.0.0)
    jquery-rails (4.5.0)
      rails-dom-testing (>= 1, < 3)
      railties (>= 4.2.0)
      thor (>= 0.14, < 2.0)
    json (2.6.2)
    jwt (2.4.1)
    kaminari (1.2.2)
      activesupport (>= 4.1.0)
      kaminari-actionview (= 1.2.2)
      kaminari-activerecord (= 1.2.2)
      kaminari-core (= 1.2.2)
    kaminari-actionview (1.2.2)
      actionview
      kaminari-core (= 1.2.2)
    kaminari-activerecord (1.2.2)
      activerecord
      kaminari-core (= 1.2.2)
    kaminari-core (1.2.2)
    listen (3.1.5)
      rb-fsevent (~> 0.9, >= 0.9.4)
      rb-inotify (~> 0.9, >= 0.9.7)
      ruby_dep (~> 1.2)
    loofah (2.18.0)
      crass (~> 1.0.2)
      nokogiri (>= 1.5.9)
    madison (0.5.0)
      json
    mail (2.7.1)
      mini_mime (>= 0.1.1)
    marcel (1.0.2)
    matrix (0.4.2)
    method_source (1.0.0)
    mime-types (3.4.1)
      mime-types-data (~> 3.2015)
    mime-types-data (3.2022.0105)
    mini_mime (1.1.2)
    minitest (5.16.0)
    multi_json (1.15.0)
    multi_xml (0.6.0)
    multipart-post (2.2.3)
    net-ldap (0.17.1)
    netrc (0.11.0)
    nio4r (2.5.8)
    nokogiri (1.13.6-x86_64-linux)
      racc (~> 1.4)
    oauth2 (1.4.8)
      faraday (>= 0.8, < 3.0)
      jwt (>= 1.0, < 3.0)
      multi_json (~> 1.3)
      multi_xml (~> 0.5)
      rack (>= 1.2, < 3)
    omniauth (1.8.1)
      hashie (>= 3.4.6, < 3.6.0)
      rack (>= 1.6.2, < 3)
    omniauth-facebook (5.0.0)
      omniauth-oauth2 (~> 1.2)
    omniauth-ldap (2.0.0)
      net-ldap (~> 0.16)
      omniauth (~> 1.8.1)
      pyu-ruby-sasl (~> 0.0.3.3)
      rubyntlm (~> 0.6.2)
    omniauth-oauth2 (1.5.0)
      oauth2 (~> 1.1)
      omniauth (~> 1.2)
    omniauth-polaris (1.0.5)
      rest-client (~> 2.0.2)
    openseadragon (0.6.0)
      rails (> 3.2.0)
    orm_adapter (0.5.0)
    parallel (1.22.1)
    parser (3.1.2.0)
      ast (~> 2.4.1)
    parslet (2.0.0)
    pg (1.3.5)
    popper_js (1.16.0)
    pry (0.14.1)
      coderay (~> 1.1)
      method_source (~> 1.0)
    pry-rails (0.3.9)
      pry (>= 0.10.4)
    pry-rescue (1.5.2)
      interception (>= 0.5)
      pry (>= 0.12.0)
    public_suffix (4.0.7)
    puma (4.3.12)
      nio4r (~> 2.0)
    pyu-ruby-sasl (0.0.3.3)
    racc (1.6.0)
    rack (2.2.3.1)
    rack-attack (6.6.1)
      rack (>= 1.0, < 3)
    rack-proxy (0.7.2)
      rack
    rack-test (1.1.0)
      rack (>= 1.0, < 3)
    rails (6.0.5)
      actioncable (= 6.0.5)
      actionmailbox (= 6.0.5)
      actionmailer (= 6.0.5)
      actionpack (= 6.0.5)
      actiontext (= 6.0.5)
      actionview (= 6.0.5)
      activejob (= 6.0.5)
      activemodel (= 6.0.5)
      activerecord (= 6.0.5)
      activestorage (= 6.0.5)
      activesupport (= 6.0.5)
      bundler (>= 1.3.0)
      railties (= 6.0.5)
      sprockets-rails (>= 2.0.0)
    rails-dom-testing (2.0.3)
      activesupport (>= 4.2.0)
      nokogiri (>= 1.6)
    rails-html-sanitizer (1.4.3)
      loofah (~> 2.3)
    railties (6.0.5)
      actionpack (= 6.0.5)
      activesupport (= 6.0.5)
      method_source
      rake (>= 0.8.7)
      thor (>= 0.20.3, < 2.0)
    rainbow (3.1.1)
    rake (13.0.6)
    rb-fsevent (0.11.1)
    rb-inotify (0.10.1)
      ffi (~> 1.0)
    regexp_parser (2.5.0)
    responders (3.0.1)
      actionpack (>= 5.0)
      railties (>= 5.0)
    rest-client (2.0.2)
      http-cookie (>= 1.0.2, < 2.0)
      mime-types (>= 1.16, < 4.0)
      netrc (~> 0.8)
    rsolr (2.5.0)
      builder (>= 2.1.2)
      faraday (>= 0.9, < 3, != 2.0.0)
    rspec-core (3.9.3)
      rspec-support (~> 3.9.3)
    rspec-expectations (3.9.4)
      diff-lcs (>= 1.2.0, < 2.0)
      rspec-support (~> 3.9.0)
    rspec-mocks (3.9.1)
      diff-lcs (>= 1.2.0, < 2.0)
      rspec-support (~> 3.9.0)
    rspec-rails (3.9.1)
      actionpack (>= 3.0)
      activesupport (>= 3.0)
      railties (>= 3.0)
      rspec-core (~> 3.9.0)
      rspec-expectations (~> 3.9.0)
      rspec-mocks (~> 3.9.0)
      rspec-support (~> 3.9.0)
    rspec-support (3.9.4)
    rubocop (0.75.1)
      jaro_winkler (~> 1.5.1)
      parallel (~> 1.10)
      parser (>= 2.6)
      rainbow (>= 2.2.2, < 4.0)
      ruby-progressbar (~> 1.7)
      unicode-display_width (>= 1.4.0, < 1.7)
    rubocop-performance (1.6.1)
      rubocop (>= 0.71.0)
    rubocop-rails (2.4.2)
      rack (>= 1.1)
      rubocop (>= 0.72.0)
    rubocop-rspec (1.41.0)
      rubocop (>= 0.68.1)
    ruby-progressbar (1.11.0)
    ruby_dep (1.5.0)
    rubyntlm (0.6.3)
    rubyzip (1.3.0)
    sass-rails (6.0.0)
      sassc-rails (~> 2.1, >= 2.1.1)
    sassc (2.4.0)
      ffi (~> 1.9)
    sassc-rails (2.1.2)
      railties (>= 4.0.0)
      sassc (>= 2.0)
      sprockets (> 3.0)
      sprockets-rails
      tilt
    selenium-webdriver (3.142.7)
      childprocess (>= 0.5, < 4.0)
      rubyzip (>= 1.2.2)
    simplecov (0.16.1)
      docile (~> 1.1)
      json (>= 1.8, < 3)
      simplecov-html (~> 0.10.0)
    simplecov-html (0.10.2)
    sprockets (4.0.3)
      concurrent-ruby (~> 1.0)
      rack (> 1, < 3)
    sprockets-rails (3.4.0)
      actionpack (>= 5.2)
      activesupport (>= 5.2)
      sprockets (>= 3.0.0)
    sqlite3 (1.4.4)
    sync (0.5.0)
    term-ansicolor (1.7.1)
      tins (~> 1.0)
    thor (1.2.1)
    thread_safe (0.3.6)
    tilt (2.0.10)
    tins (1.31.1)
      sync
    turbolinks (5.2.1)
      turbolinks-source (~> 5.2)
    turbolinks-source (5.2.0)
    twitter-typeahead-rails (0.11.1.pre.corejavascript)
      actionpack (>= 3.1)
      jquery-rails
      railties (>= 3.1)
    typhoeus (1.4.0)
      ethon (>= 0.9.0)
    tzinfo (1.2.9)
      thread_safe (~> 0.1)
    unf (0.1.4)
      unf_ext
    unf_ext (0.0.8.2)
    unicode (0.4.4.4)
    unicode-display_width (1.6.1)
    view_component (2.57.1)
      activesupport (>= 5.0.0, < 8.0)
      method_source (~> 1.0)
    warden (1.2.9)
      rack (>= 2.0.9)
    webdrivers (3.9.4)
      nokogiri (~> 1.6)
      rubyzip (~> 1.0)
      selenium-webdriver (~> 3.0)
    webpacker (4.3.0)
      activesupport (>= 4.2)
      rack-proxy (>= 0.6.1)
      railties (>= 4.2)
    websocket-driver (0.7.5)
      websocket-extensions (>= 0.1.0)
    websocket-extensions (0.1.5)
    xpath (3.2.0)
      nokogiri (~> 1.8)
    zeitwerk (2.6.0)
    zip_tricks (5.6.0)
    zipline (1.3.2)
      actionpack (>= 3.2.1, < 8.0)
      zip_tricks (>= 4.2.1, < 6.0)

PLATFORMS
  x86_64-linux

DEPENDENCIES
  awesome_print
  bootstrap (~> 4.0)
  bpluser!
  capybara (~> 3.0, < 4)
  commonwealth-vlr-engine!
  coveralls
  dotenv-rails (~> 2.7)
  jbuilder (~> 2.7)
  jquery-rails
  listen (>= 3.0.5, < 3.2)
  pg (>= 0.18, < 2.0)
  pry
  pry-rails
  pry-rescue
  puma (>= 3.12.4, < 5)
  rack-attack (~> 6.6)
  rails (~> 6.0.5, < 6.1)
  rspec-rails (~> 3.9, < 4.0)
  rubocop (~> 0.75.1)
  rubocop-performance (~> 1.5)
  rubocop-rails (~> 2.4.2)
  rubocop-rspec
  sass-rails (>= 6)
  sprockets-rails (= 3.4)
  sqlite3 (~> 1.4)
  turbolinks (~> 5)
  twitter-typeahead-rails (= 0.11.1.pre.corejavascript)
  webdrivers (~> 3.0)
  webpacker (~> 4.0)

RUBY VERSION
   ruby 2.6.10p210

BUNDLED WITH
   2.3.11
